GIT
  remote: https://github.com/dimroc/datafix.git
  revision: d5c00eb814adfecbd6bf49c960fedee43b2b7205
  specs:
    datafix (0.0.4)
      activerecord
      pg
      railties

GIT
  remote: https://github.com/dimroc/env_guard.git
  revision: 10d5fab025d19a92b6ae94252f1c12a578653ab8
  specs:
    env_guard (0.1.0)
      actionpack (>= 5.0)
      activesupport (>= 5.0)

GIT
  remote: https://github.com/dimroc/external_id.git
  revision: b175ca1c5b4236daa8855797c384e204c0047e6f
  specs:
    external_id (0.1.0)
      activerecord
      activesupport

GIT
  remote: https://github.com/dimroc/google-cloud-ruby.git
  revision: 0537fbe1f781586a2f55c605faa37172896821f5
  specs:
    google-cloud-core (1.0.0)
      google-cloud-env (~> 1.0)
      googleauth (~> 0.5.1)
    google-cloud-env (1.0.1)
      faraday (~> 0.11)
    google-cloud-storage (1.4.0)
      digest-crc (~> 0.4)
      google-api-client (~> 0.13.0)
      google-cloud-core (~> 1.0)

GIT
  remote: https://github.com/dimroc/jshint.git
  revision: bc779ab57827be571455e45359958c87fbf1dd1f
  specs:
    jshint (1.5.0)
      execjs (>= 1.4.0)
      multi_json (~> 1.0)

GIT
  remote: https://github.com/rails/arel.git
  revision: 2b07cebc67e9d980ff6a13751687745cfc03ed9f
  specs:
    arel (9.0.0.alpha)

GIT
  remote: https://github.com/rails/rails.git
  revision: 8b139444dd419306e70792ff286ffecd75d67d23
  ref: 8b139444dd419306e70792ff286ffecd75d67d23
  specs:
    actioncable (5.2.0.alpha)
      actionpack (= 5.2.0.alpha)
      nio4r (~> 2.0)
      websocket-driver (~> 0.6.1)
    actionmailer (5.2.0.alpha)
      actionpack (= 5.2.0.alpha)
      actionview (= 5.2.0.alpha)
      activejob (= 5.2.0.alpha)
      mail (~> 2.5, >= 2.5.4)
      rails-dom-testing (~> 2.0)
    actionpack (5.2.0.alpha)
      actionview (= 5.2.0.alpha)
      activesupport (= 5.2.0.alpha)
      rack (~> 2.0)
      rack-test (>= 0.6.3)
      rails-dom-testing (~> 2.0)
      rails-html-sanitizer (~> 1.0, >= 1.0.2)
    actionview (5.2.0.alpha)
      activesupport (= 5.2.0.alpha)
      builder (~> 3.1)
      erubi (~> 1.4)
      rails-dom-testing (~> 2.0)
      rails-html-sanitizer (~> 1.0, >= 1.0.3)
    activejob (5.2.0.alpha)
      activesupport (= 5.2.0.alpha)
      globalid (>= 0.3.6)
    activemodel (5.2.0.alpha)
      activesupport (= 5.2.0.alpha)
    activerecord (5.2.0.alpha)
      activemodel (= 5.2.0.alpha)
      activesupport (= 5.2.0.alpha)
      arel (= 9.0.0.alpha)
    activestorage (5.2.0.alpha)
      actionpack (= 5.2.0.alpha)
      activerecord (= 5.2.0.alpha)
    activesupport (5.2.0.alpha)
      concurrent-ruby (~> 1.0, >= 1.0.2)
      i18n (~> 0.7)
      minitest (~> 5.1)
      tzinfo (~> 1.1)
    rails (5.2.0.alpha)
      actioncable (= 5.2.0.alpha)
      actionmailer (= 5.2.0.alpha)
      actionpack (= 5.2.0.alpha)
      actionview (= 5.2.0.alpha)
      activejob (= 5.2.0.alpha)
      activemodel (= 5.2.0.alpha)
      activerecord (= 5.2.0.alpha)
      activestorage (= 5.2.0.alpha)
      activesupport (= 5.2.0.alpha)
      bundler (>= 1.3.0)
      railties (= 5.2.0.alpha)
      sprockets-rails (>= 2.0.0)
    railties (5.2.0.alpha)
      actionpack (= 5.2.0.alpha)
      activesupport (= 5.2.0.alpha)
      method_source
      rake (>= 0.8.7)
      thor (>= 0.18.1, < 2.0)

GIT
  remote: https://github.com/rails/webpacker.git
  revision: bb6d126caa880973589aafec8ef5dbc080ac7207
  specs:
    webpacker (3.0.1)
      activesupport (>= 4.2)
      rack-proxy (>= 0.6.1)
      railties (>= 4.2)

GEM
  remote: https://rubygems.org/
  specs:
    active_model_serializers (0.10.6)
      actionpack (>= 4.1, < 6)
      activemodel (>= 4.1, < 6)
      case_transform (>= 0.2)
      jsonapi-renderer (>= 0.1.1.beta1, < 0.2)
    activemodel-serializers-xml (1.0.2)
      activemodel (> 5.x)
      activesupport (> 5.x)
      builder (~> 3.1)
    addressable (2.5.2)
      public_suffix (>= 2.0.2, < 4.0)
    american_date (1.1.1)
    auto_strip_attributes (2.1.0)
      activerecord (>= 3.0)
    autoprefixer-rails (7.1.4)
      execjs
    bcrypt (3.1.11)
    bindex (0.5.0)
    bootstrap (4.0.0.beta)
      autoprefixer-rails (>= 6.0.3)
      popper_js (~> 1.11.1)
      sass (>= 3.4.19)
    bootstrap4-kaminari-views (1.0.0)
      kaminari (>= 0.13)
      rails (>= 3.1)
    bugsnag (5.3.3)
    builder (3.2.3)
    byebug (9.1.0)
    case_transform (0.2)
      activesupport
    coderay (1.1.2)
    coffee-rails (4.2.2)
      coffee-script (>= 2.2.0)
      railties (>= 4.0.0)
    coffee-script (2.4.1)
      coffee-script-source
      execjs
    coffee-script-source (1.12.2)
    concurrent-ruby (1.0.5)
    crass (1.0.2)
    declarative (0.0.10)
    declarative-option (0.1.0)
    devise (4.3.0)
      bcrypt (~> 3.0)
      orm_adapter (~> 0.1)
      railties (>= 4.1.0, < 5.2)
      responders
      warden (~> 1.2.3)
    diff-lcs (1.3)
    digest-crc (0.4.1)
    dotenv (0.7.0)
    draper (3.0.0)
      actionpack (~> 5.0)
      activemodel (~> 5.0)
      activemodel-serializers-xml (~> 1.0)
      activesupport (~> 5.0)
      request_store (~> 1.0)
    erubi (1.6.1)
    et-orbi (1.0.5)
      tzinfo
    execjs (2.7.0)
    factory_girl (4.8.0)
      activesupport (>= 3.0.0)
    factory_girl_rails (4.8.0)
      factory_girl (~> 4.8.0)
      railties (>= 3.0.0)
    faker (1.8.4)
      i18n (~> 0.5)
    faraday (0.13.1)
      multipart-post (>= 1.2, < 3)
    ffi (1.9.18)
    foreman (0.64.0)
      dotenv (~> 0.7.0)
      thor (>= 0.13.6)
    friendly_id (5.2.3)
      activerecord (>= 4.0.0)
    fuubar (2.2.0)
      rspec-core (~> 3.0)
      ruby-progressbar (~> 1.4)
    globalid (0.4.0)
      activesupport (>= 4.2.0)
    google-api-client (0.13.6)
      addressable (~> 2.5, >= 2.5.1)
      googleauth (~> 0.5)
      httpclient (>= 2.8.1, < 3.0)
      mime-types (~> 3.0)
      representable (~> 3.0)
      retriable (>= 2.0, < 4.0)
    google-protobuf (3.4.1.1)
    googleapis-common-protos-types (1.0.0)
      google-protobuf (~> 3.0)
    googleauth (0.5.3)
      faraday (~> 0.12)
      jwt (~> 1.4)
      logging (~> 2.0)
      memoist (~> 0.12)
      multi_json (~> 1.11)
      os (~> 0.9)
      signet (~> 0.7)
    grpc (1.6.2)
      google-protobuf (~> 3.1)
      googleapis-common-protos-types (~> 1.0.0)
      googleauth (~> 0.5.1)
    grpc-tools (1.6.2)
    httpclient (2.8.3)
    i18n (0.8.6)
    imgix (1.1.0)
      addressable
    imgix-rails (2.1.4)
      imgix (~> 1.1, >= 1.1.0)
    jquery-rails (4.3.1)
      rails-dom-testing (>= 1, < 3)
      railties (>= 4.2.0)
      thor (>= 0.14, < 2.0)
    jsonapi-renderer (0.1.3)
    jwt (1.5.6)
    kaminari (1.0.1)
      activesupport (>= 4.1.0)
      kaminari-actionview (= 1.0.1)
      kaminari-activerecord (= 1.0.1)
      kaminari-core (= 1.0.1)
    kaminari-actionview (1.0.1)
      actionview
      kaminari-core (= 1.0.1)
    kaminari-activerecord (1.0.1)
      activerecord
      kaminari-core (= 1.0.1)
    kaminari-core (1.0.1)
    listen (3.1.5)
      rb-fsevent (~> 0.9, >= 0.9.4)
      rb-inotify (~> 0.9, >= 0.9.7)
      ruby_dep (~> 1.2)
    little-plugger (1.1.4)
    logging (2.2.2)
      little-plugger (~> 1.1)
      multi_json (~> 1.10)
    loofah (2.1.1)
      crass (~> 1.0.2)
      nokogiri (>= 1.5.9)
    mail (2.6.6)
      mime-types (>= 1.16, < 4)
    memoist (0.16.0)
    method_source (0.8.2)
    mime-types (3.1)
      mime-types-data (~> 3.2015)
    mime-types-data (3.2016.0521)
    mini_magick (4.8.0)
    mini_portile2 (2.3.0)
    minitest (5.10.3)
    multi_json (1.12.2)
    multipart-post (2.0.0)
    newrelic_rpm (4.5.0.337)
    nio4r (2.1.0)
    nokogiri (1.8.1)
      mini_portile2 (~> 2.3.0)
    orm_adapter (0.5.0)
    os (0.9.6)
    pg (0.21.0)
    popper_js (1.11.1)
    pry (0.11.0)
      coderay (~> 1.1.0)
      method_source (~> 0.8.1)
    pry-byebug (3.5.0)
      byebug (~> 9.1)
      pry (~> 0.10)
    public_suffix (3.0.0)
    puma (3.10.0)
    pundit (1.1.0)
      activesupport (>= 3.0.0)
    pycall (1.0.3)
    rack (2.0.3)
    rack-proxy (0.6.2)
      rack
    rack-test (0.7.0)
      rack (>= 1.0, < 3)
    rails-dom-testing (2.0.3)
      activesupport (>= 4.2.0)
      nokogiri (>= 1.6)
    rails-html-sanitizer (1.0.3)
      loofah (~> 2.0)
    rake (12.1.0)
    rb-fsevent (0.10.2)
    rb-inotify (0.9.10)
      ffi (>= 0.5.0, < 2)
    redis (3.3.3)
    representable (3.0.4)
      declarative (< 0.1.0)
      declarative-option (< 0.2.0)
      uber (< 0.2.0)
    request_store (1.3.2)
    responders (2.4.0)
      actionpack (>= 4.2.0, < 5.3)
      railties (>= 4.2.0, < 5.3)
    retriable (3.1.1)
    rspec-core (3.6.0)
      rspec-support (~> 3.6.0)
    rspec-expectations (3.6.0)
      diff-lcs (>= 1.2.0, < 2.0)
      rspec-support (~> 3.6.0)
    rspec-mocks (3.6.0)
      diff-lcs (>= 1.2.0, < 2.0)
      rspec-support (~> 3.6.0)
    rspec-rails (3.6.1)
      actionpack (>= 3.0)
      activesupport (>= 3.0)
      railties (>= 3.0)
      rspec-core (~> 3.6.0)
      rspec-expectations (~> 3.6.0)
      rspec-mocks (~> 3.6.0)
      rspec-support (~> 3.6.0)
    rspec-support (3.6.0)
    ruby-progressbar (1.8.3)
    ruby_dep (1.5.0)
    rufus-scheduler (3.4.2)
      et-orbi (~> 1.0)
    sass (3.5.1)
      sass-listen (~> 4.0.0)
    sass-listen (4.0.0)
      rb-fsevent (~> 0.9, >= 0.9.4)
      rb-inotify (~> 0.9, >= 0.9.7)
    sass-rails (5.0.6)
      railties (>= 4.0.0, < 6)
      sass (~> 3.1)
      sprockets (>= 2.8, < 4.0)
      sprockets-rails (>= 2.0, < 4.0)
      tilt (>= 1.1, < 3)
    signet (0.7.3)
      addressable (~> 2.3)
      faraday (~> 0.9)
      jwt (~> 1.5)
      multi_json (~> 1.10)
    slim (3.0.8)
      temple (>= 0.7.6, < 0.9)
      tilt (>= 1.3.3, < 2.1)
    slim-rails (3.1.2)
      actionpack (>= 3.1)
      railties (>= 3.1)
      slim (~> 3.0)
    spring (2.0.2)
      activesupport (>= 4.2)
    spring-watcher-listen (2.0.1)
      listen (>= 2.7, < 4.0)
      spring (>= 1.2, < 3.0)
    sprockets (4.0.0.beta5)
      concurrent-ruby (~> 1.0)
      rack (> 1, < 3)
    sprockets-rails (3.2.1)
      actionpack (>= 4.0)
      activesupport (>= 4.0)
      sprockets (>= 3.0.0)
    temple (0.8.0)
    thor (0.20.0)
    thread_safe (0.3.6)
    tilt (2.0.8)
    turbolinks (5.0.1)
      turbolinks-source (~> 5)
    turbolinks-source (5.0.3)
    tzinfo (1.2.3)
      thread_safe (~> 0.1)
    uber (0.1.0)
    uglifier (3.2.0)
      execjs (>= 0.3.0, < 3)
    warden (1.2.7)
      rack (>= 1.0)
    web-console (3.5.1)
      actionview (>= 5.0)
      activemodel (>= 5.0)
      bindex (>= 0.4.0)
      railties (>= 5.0)
    websocket-driver (0.6.5)
      websocket-extensions (>= 0.1.0)
    websocket-extensions (0.1.2)

PLATFORMS
  ruby

DEPENDENCIES
  active_model_serializers
  american_date
  arel!
  auto_strip_attributes
  bootstrap (~> 4.0.0.beta)
  bootstrap4-kaminari-views
  bugsnag
  byebug
  coffee-rails
  datafix!
  devise
  draper
  env_guard!
  external_id!
  factory_girl_rails
  faker
  foreman
  friendly_id
  fuubar
  google-cloud-storage!
  grpc
  grpc-tools
  imgix-rails
  jquery-rails
  jshint!
  kaminari
  listen (>= 3.0.5, < 3.2)
  mini_magick
  newrelic_rpm
  pg (~> 0.18)
  pry
  pry-byebug
  puma (~> 3.7)
  pundit
  pycall
  rails!
  redis (~> 3.3)
  rspec-rails
  rufus-scheduler
  sass-rails (~> 5.0)
  slim-rails
  spring
  spring-watcher-listen (~> 2.0.0)
  sprockets (= 4.0.0beta5)
  turbolinks (~> 5)
  uglifier (>= 1.3.0)
  web-console (>= 3.3.0)
  webpacker!

RUBY VERSION
   ruby 2.4.1p111

BUNDLED WITH
   1.16.0.pre.2
